GEM
  remote: https://rubygems.org/
  specs:
    ast (2.4.2)
    atk (3.4.3)
      glib2 (= 3.4.3)
    cairo (1.16.5)
      native-package-installer (>= 1.0.3)
      pkg-config (>= 1.2.2)
    cairo-gobject (3.4.3)
      cairo (>= 1.16.2)
      glib2 (= 3.4.3)
    concurrent-ruby (1.1.8)
    content-type (0.0.1)
      parslet (~> 1.5)
    diff-lcs (1.4.4)
    gdk3 (3.4.3)
      cairo-gobject (= 3.4.3)
      gdk_pixbuf2 (= 3.4.3)
      pango (= 3.4.3)
    gdk_pixbuf2 (3.4.3)
      gio2 (= 3.4.3)
    gio2 (3.4.3)
      gobject-introspection (= 3.4.3)
    glib2 (3.4.3)
      native-package-installer (>= 1.0.3)
      pkg-config (>= 1.3.5)
    gobject-introspection (3.4.3)
      glib2 (= 3.4.3)
    gtk3 (3.4.3)
      atk (= 3.4.3)
      gdk3 (= 3.4.3)
      gdk_pixbuf2 (= 3.4.3)
      gio2 (= 3.4.3)
      pango (= 3.4.3)
    htmlentities (4.3.4)
    i18n (1.8.8)
      concurrent-ruby (~> 1.0)
    little-plugger (1.1.4)
    locale (2.1.3)
    logging (2.3.0)
      little-plugger (~> 1.1)
      multi_json (~> 1.14)
    multi_json (1.14.1)
    native-package-installer (1.0.9)
    pango (3.4.3)
      cairo-gobject (= 3.4.3)
      gobject-introspection (= 3.4.3)
    parallel (1.20.1)
    parser (3.0.0.0)
      ast (~> 2.4.1)
    parslet (1.8.2)
    pkg-config (1.4.1)
    rainbow (3.0.0)
    rake (13.0.3)
    regexp_parser (2.0.3)
    rexml (3.2.4)
    rspec (3.10.0)
      rspec-core (~> 3.10.0)
      rspec-expectations (~> 3.10.0)
      rspec-mocks (~> 3.10.0)
    rspec-core (3.10.0)
      rspec-support (~> 3.10.0)
    rspec-expectations (3.10.0)
      diff-lcs (>= 1.2.0, < 2.0)
      rspec-support (~> 3.10.0)
    rspec-mocks (3.10.0)
      diff-lcs (>= 1.2.0, < 2.0)
      rspec-support (~> 3.10.0)
    rspec-support (3.10.0)
    rubocop (1.9.1)
      parallel (~> 1.10)
      parser (>= 3.0.0.0)
      rainbow (>= 2.2.2, < 4.0)
      regexp_parser (>= 1.8, < 3.0)
      rexml
      rubocop-ast (>= 1.2.0, < 2.0)
      ruby-progressbar (~> 1.7)
      unicode-display_width (>= 1.4.0, < 3.0)
    rubocop-ast (1.4.1)
      parser (>= 2.7.1.5)
    ruby-progressbar (1.11.0)
    unicode-display_width (2.0.0)

PLATFORMS
  ruby

DEPENDENCIES
  content-type
  gtk3
  htmlentities
  i18n
  locale
  logging
  rake
  rspec
  rubocop (~> 1.9.1)

BUNDLED WITH
   1.16.1
