GEM
  remote: https://rubygems.org/
  specs:
    ast (2.4.2)
    atk (4.0.3)
      glib2 (= 4.0.3)
    cairo (1.17.8)
      native-package-installer (>= 1.0.3)
      pkg-config (>= 1.2.2)
      red-colors
    cairo-gobject (4.0.3)
      cairo (>= 1.16.2)
      glib2 (= 4.0.3)
    concurrent-ruby (1.1.10)
    content-type (0.0.2)
      parslet (~> 2.0)
    diff-lcs (1.5.0)
    fiddle (1.1.0)
    gdk3 (4.0.3)
      cairo-gobject (= 4.0.3)
      gdk_pixbuf2 (= 4.0.3)
      pango (= 4.0.3)
    gdk_pixbuf2 (4.0.3)
      gio2 (= 4.0.3)
    gio2 (4.0.3)
      fiddle
      gobject-introspection (= 4.0.3)
    glib2 (4.0.3)
      native-package-installer (>= 1.0.3)
      pkg-config (>= 1.3.5)
    gobject-introspection (4.0.3)
      glib2 (= 4.0.3)
    gtk3 (4.0.3)
      atk (= 4.0.3)
      gdk3 (= 4.0.3)
    htmlentities (4.3.4)
    i18n (1.12.0)
      concurrent-ruby (~> 1.0)
    json (2.6.2)
    little-plugger (1.1.4)
    locale (2.1.3)
    logging (2.3.1)
      little-plugger (~> 1.1)
      multi_json (~> 1.14)
    matrix (0.4.2)
    multi_json (1.15.0)
    native-package-installer (1.1.5)
    pango (4.0.3)
      cairo-gobject (= 4.0.3)
      gobject-introspection (= 4.0.3)
    parallel (1.22.1)
    parser (3.1.2.1)
      ast (~> 2.4.1)
    parslet (2.0.0)
    pkg-config (1.4.9)
    rainbow (3.1.1)
    rake (13.0.6)
    red-colors (0.3.0)
      matrix
    regexp_parser (2.6.0)
    rexml (3.2.5)
    rspec (3.12.0)
      rspec-core (~> 3.12.0)
      rspec-expectations (~> 3.12.0)
      rspec-mocks (~> 3.12.0)
    rspec-core (3.12.0)
      rspec-support (~> 3.12.0)
    rspec-expectations (3.12.0)
      diff-lcs (>= 1.2.0, < 2.0)
      rspec-support (~> 3.12.0)
    rspec-mocks (3.12.0)
      diff-lcs (>= 1.2.0, < 2.0)
      rspec-support (~> 3.12.0)
    rspec-support (3.12.0)
    rubocop (1.37.1)
      json (~> 2.3)
      parallel (~> 1.10)
      parser (>= 3.1.2.1)
      rainbow (>= 2.2.2, < 4.0)
      regexp_parser (>= 1.8, < 3.0)
      rexml (>= 3.2.5, < 4.0)
      rubocop-ast (>= 1.23.0, < 2.0)
      ruby-progressbar (~> 1.7)
      unicode-display_width (>= 1.4.0, < 3.0)
    rubocop-ast (1.23.0)
      parser (>= 3.1.1.0)
    ruby-progressbar (1.11.0)
    unicode-display_width (2.3.0)

PLATFORMS
  ruby

DEPENDENCIES
  content-type
  gtk3
  htmlentities
  i18n
  locale
  logging
  rake
  rspec
  rubocop (~> 1.37.1)

BUNDLED WITH
   1.16.1
