GEM
  remote: https://rubygems.org/
  specs:
    ast (2.4.2)
    atk (3.4.9)
      glib2 (= 3.4.9)
    cairo (1.17.5)
      native-package-installer (>= 1.0.3)
      pkg-config (>= 1.2.2)
      red-colors
    cairo-gobject (3.4.9)
      cairo (>= 1.16.2)
      glib2 (= 3.4.9)
    concurrent-ruby (1.1.9)
    content-type (0.0.1)
      parslet (~> 1.5)
    diff-lcs (1.4.4)
    gdk3 (3.4.9)
      cairo-gobject (= 3.4.9)
      gdk_pixbuf2 (= 3.4.9)
      pango (= 3.4.9)
    gdk_pixbuf2 (3.4.9)
      gio2 (= 3.4.9)
    gio2 (3.4.9)
      gobject-introspection (= 3.4.9)
    glib2 (3.4.9)
      native-package-installer (>= 1.0.3)
      pkg-config (>= 1.3.5)
    gobject-introspection (3.4.9)
      glib2 (= 3.4.9)
    gtk3 (3.4.9)
      atk (= 3.4.9)
      gdk3 (= 3.4.9)
      gdk_pixbuf2 (= 3.4.9)
      gio2 (= 3.4.9)
      pango (= 3.4.9)
    htmlentities (4.3.4)
    i18n (1.8.11)
      concurrent-ruby (~> 1.0)
    little-plugger (1.1.4)
    locale (2.1.3)
    logging (2.3.0)
      little-plugger (~> 1.1)
      multi_json (~> 1.14)
    matrix (0.4.2)
    multi_json (1.14.1)
    native-package-installer (1.1.1)
    pango (3.4.9)
      cairo-gobject (= 3.4.9)
      gobject-introspection (= 3.4.9)
    parallel (1.21.0)
    parser (3.0.3.2)
      ast (~> 2.4.1)
    parslet (1.8.2)
    pkg-config (1.4.6)
    rainbow (3.0.0)
    rake (13.0.6)
    red-colors (0.3.0)
      matrix
    regexp_parser (2.2.0)
    rexml (3.2.5)
    rspec (3.10.0)
      rspec-core (~> 3.10.0)
      rspec-expectations (~> 3.10.0)
      rspec-mocks (~> 3.10.0)
    rspec-core (3.10.0)
      rspec-support (~> 3.10.0)
    rspec-expectations (3.10.0)
      diff-lcs (>= 1.2.0, < 2.0)
      rspec-support (~> 3.10.0)
    rspec-mocks (3.10.0)
      diff-lcs (>= 1.2.0, < 2.0)
      rspec-support (~> 3.10.0)
    rspec-support (3.10.0)
    rubocop (1.24.0)
      parallel (~> 1.10)
      parser (>= 3.0.0.0)
      rainbow (>= 2.2.2, < 4.0)
      regexp_parser (>= 1.8, < 3.0)
      rexml
      rubocop-ast (>= 1.15.0, < 2.0)
      ruby-progressbar (~> 1.7)
      unicode-display_width (>= 1.4.0, < 3.0)
    rubocop-ast (1.15.0)
      parser (>= 3.0.1.1)
    ruby-progressbar (1.11.0)
    unicode-display_width (2.1.0)

PLATFORMS
  ruby

DEPENDENCIES
  content-type
  gtk3
  htmlentities
  i18n
  locale
  logging
  rake
  rspec
  rubocop (~> 1.24.0)

BUNDLED WITH
   1.16.1
