GEM
  remote: https://rubygems.org/
  specs:
    ast (2.4.2)
    atk (4.2.1)
      glib2 (= 4.2.1)
    cairo (1.17.13)
      native-package-installer (>= 1.0.3)
      pkg-config (>= 1.2.2)
      red-colors
    cairo-gobject (4.2.1)
      cairo (>= 1.16.2)
      glib2 (= 4.2.1)
    concurrent-ruby (1.2.2)
    content-type (0.0.2)
      parslet (~> 2.0)
    diff-lcs (1.5.1)
    fiddle (1.1.2)
    gdk3 (4.2.1)
      cairo-gobject (= 4.2.1)
      gdk_pixbuf2 (= 4.2.1)
      pango (= 4.2.1)
    gdk_pixbuf2 (4.2.1)
      gio2 (= 4.2.1)
    gio2 (4.2.1)
      fiddle
      gobject-introspection (= 4.2.1)
    glib2 (4.2.1)
      native-package-installer (>= 1.0.3)
      pkg-config (>= 1.3.5)
    gobject-introspection (4.2.1)
      glib2 (= 4.2.1)
    gtk3 (4.2.1)
      atk (= 4.2.1)
      gdk3 (= 4.2.1)
    htmlentities (4.3.4)
    i18n (1.14.1)
      concurrent-ruby (~> 1.0)
    json (2.7.1)
    language_server-protocol (3.17.0.3)
    little-plugger (1.1.4)
    locale (2.1.3)
    logging (2.3.1)
      little-plugger (~> 1.1)
      multi_json (~> 1.14)
    matrix (0.4.2)
    multi_json (1.15.0)
    native-package-installer (1.1.9)
    pango (4.2.1)
      cairo-gobject (= 4.2.1)
      gobject-introspection (= 4.2.1)
    parallel (1.24.0)
    parser (3.3.0.5)
      ast (~> 2.4.1)
      racc
    parslet (2.0.0)
    pkg-config (1.5.6)
    racc (1.7.3)
    rainbow (3.1.1)
    rake (13.1.0)
    red-colors (0.4.0)
      json
      matrix
    regexp_parser (2.9.0)
    rexml (3.2.6)
    rspec (3.13.0)
      rspec-core (~> 3.13.0)
      rspec-expectations (~> 3.13.0)
      rspec-mocks (~> 3.13.0)
    rspec-core (3.13.0)
      rspec-support (~> 3.13.0)
    rspec-expectations (3.13.0)
      diff-lcs (>= 1.2.0, < 2.0)
      rspec-support (~> 3.13.0)
    rspec-mocks (3.13.0)
      diff-lcs (>= 1.2.0, < 2.0)
      rspec-support (~> 3.13.0)
    rspec-support (3.13.0)
    rubocop (1.60.2)
      json (~> 2.3)
      language_server-protocol (>= 3.17.0)
      parallel (~> 1.10)
      parser (>= 3.3.0.2)
      rainbow (>= 2.2.2, < 4.0)
      regexp_parser (>= 1.8, < 3.0)
      rexml (>= 3.2.5, < 4.0)
      rubocop-ast (>= 1.30.0, < 2.0)
      ruby-progressbar (~> 1.7)
      unicode-display_width (>= 2.4.0, < 3.0)
    rubocop-ast (1.30.0)
      parser (>= 3.2.1.0)
    ruby-progressbar (1.13.0)
    unicode-display_width (2.5.0)

PLATFORMS
  ruby

DEPENDENCIES
  content-type
  gtk3
  htmlentities
  i18n
  locale
  logging
  rake
  rspec
  rubocop (~> 1.60.2)

BUNDLED WITH
   1.16.1
